PATH
  remote: .
  specs:
    smee (0.0.1)

GEM
  remote: https://rubygems.org/
  specs:
    celluloid (0.17.4)
      celluloid-essentials
      celluloid-extras
      celluloid-fsm
      celluloid-pool
      celluloid-supervision
      timers (>= 4.1.1)
    celluloid-essentials (0.20.5)
      timers (>= 4.1.1)
    celluloid-eventsource (0.3.0)
      celluloid-io (>= 0.15.0, <= 0.16.2)
      http_parser.rb (~> 0.6.0)
    celluloid-extras (0.20.5)
      timers (>= 4.1.1)
    celluloid-fsm (0.20.5)
      timers (>= 4.1.1)
    celluloid-io (0.16.2)
      celluloid (>= 0.16.0)
      nio4r (>= 1.1.0)
    celluloid-pool (0.20.5)
      timers (>= 4.1.1)
    celluloid-supervision (0.20.6)
      timers (>= 4.1.1)
    concurrent-ruby (1.1.6)
    hitimes (1.3.1)
    http_parser.rb (0.6.0)
    http_tools (0.4.5)
    ld-eventsource (1.0.1)
      concurrent-ruby (~> 1.0)
      http_tools (~> 0.4.5)
      socketry (~> 0.5.1)
    nio4r (2.5.2)
    socketry (0.5.1)
      hitimes (~> 1.2)
    timers (4.3.0)

PLATFORMS
  ruby

DEPENDENCIES
  celluloid-eventsource
  ld-eventsource (~> 1.0)
  smee!

BUNDLED WITH
   2.0.1
