PATH
  remote: .
  specs:
    smee (0.0.1)

GEM
  remote: https://rubygems.org/
  specs:
    concurrent-ruby (1.1.6)
    hitimes (1.3.1)
    http_tools (0.4.5)
    httparty (0.18.0)
      mime-types (~> 3.0)
      multi_xml (>= 0.5.2)
    ld-eventsource (1.0.1)
      concurrent-ruby (~> 1.0)
      http_tools (~> 0.4.5)
      socketry (~> 0.5.1)
    mime-types (3.3.1)
      mime-types-data (~> 3.2015)
    mime-types-data (3.2019.1009)
    multi_xml (0.6.0)
    socketry (0.5.1)
      hitimes (~> 1.2)

PLATFORMS
  ruby

DEPENDENCIES
  httparty (~> 0.18.0)
  ld-eventsource (~> 1.0)
  smee!

BUNDLED WITH
   2.0.1
